PATH
  remote: .
  specs:
    maxmind-rb (0.4.0)
      activesupport (>= 2.3)
      maxmind-rb

GEM
  remote: https://rubygems.org/
  specs:
    activesupport (3.2.21)
      i18n (~> 0.6, >= 0.6.4)
      multi_json (~> 1.0)
    fakeweb (1.3.0)
    i18n (0.7.0)
    jnunemaker-matchy (0.4.0)
    minitest (2.0.2)
    multi_json (1.11.0)
    rake (10.4.2)
    shoulda (3.5.0)
      shoulda-context (~> 1.0, >= 1.0.1)
      shoulda-matchers (>= 1.4.1, < 3.0)
    shoulda-context (1.2.1)
    shoulda-matchers (2.8.0)
      activesupport (>= 3.0.0)

PLATFORMS
  ruby

DEPENDENCIES
  fakeweb
  jnunemaker-matchy
  maxmind-rb!
  minitest (~> 2.0.2)
  rake
  shoulda
